GEM
  remote: http://rubygems.org/
  specs:
    classifier (1.3.3)
      fast-stemmer (>= 1.0.0)
    derickbailey-notamock (0.0.1)
      rspec (>= 1.2.9)
    directory_watcher (1.3.2)
    fast-stemmer (1.0.0)
    gemcutter (0.6.1)
    git (1.2.5)
    jekyll (0.8.0)
      classifier (>= 1.3.1)
      directory_watcher (>= 1.1.1)
      liquid (>= 1.9.0)
      maruku (>= 0.5.9)
    jeweler (1.4.0)
      gemcutter (>= 0.1.0)
      git (>= 1.2.5)
      rubyforge (>= 2.0.0)
    json_pure (1.4.6)
    liquid (2.2.2)
    maruku (0.6.0)
      syntax (>= 1.0.0)
    rake (0.8.7)
    rspec (1.2.9)
    rubyforge (2.0.4)
      json_pure (>= 1.1.7)
    rubyzip (0.9.4)
    syntax (1.0.0)
    watchr (0.7)

PLATFORMS
  x86-mingw32

DEPENDENCIES
  derickbailey-notamock (= 0.0.1)
  jekyll (= 0.8.0)
  jeweler (= 1.4.0)
  rake (= 0.8.7)
  rspec (= 1.2.9)
  rubyzip (= 0.9.4)
  watchr (= 0.7)
